GIT
  remote: git://github.com/Vizzuality/refinerycms-galleries.git
  revision: ba04f6c6eb841173a4b0a5b1c5f3d695846f4c5a
  specs:
    refinerycms-galleries (0.4)

PATH
  remote: vendor/engines
  specs:
    refinerycms-artists (1.0)
    refinerycms-books (1.0)
    refinerycms-writers (1.0)

GEM
  remote: http://rubygems.org/
  specs:
    abstract (1.0.0)
    actionmailer (3.0.3)
      actionpack (= 3.0.3)
      mail (~> 2.2.9)
    actionpack (3.0.3)
      activemodel (= 3.0.3)
      activesupport (= 3.0.3)
      builder (~> 2.1.2)
      erubis (~> 2.6.6)
      i18n (~> 0.4)
      rack (~> 1.2.1)
      rack-mount (~> 0.6.13)
      rack-test (~> 0.5.6)
      tzinfo (~> 0.3.23)
    activemodel (3.0.3)
      activesupport (= 3.0.3)
      builder (~> 2.1.2)
      i18n (~> 0.4)
    activerecord (3.0.3)
      activemodel (= 3.0.3)
      activesupport (= 3.0.3)
      arel (~> 2.0.2)
      tzinfo (~> 0.3.23)
    activeresource (3.0.3)
      activemodel (= 3.0.3)
      activesupport (= 3.0.3)
    activesupport (3.0.3)
    acts_as_indexed (0.6.6)
    addressable (2.2.2)
    arel (2.0.6)
    authlogic (2.1.6)
      activesupport
    aws-s3 (0.6.2)
      builder
      mime-types
      xml-simple
    babosa (0.2.0)
    builder (2.1.2)
    compass (0.10.6)
      haml (>= 3.0.4)
    configuration (1.2.0)
    dragonfly (0.8.1)
      rack
    erubis (2.6.6)
      abstract (>= 1.0.0)
    faraday (0.5.3)
      addressable (~> 2.2.2)
      multipart-post (~> 1.0.1)
      rack (>= 1.1.0, < 2)
    faraday_middleware (0.3.1)
      faraday (~> 0.5.3)
    filters_spam (0.3)
    friendly_id (3.1.8)
      babosa (~> 0.2.0)
    haml (3.0.25)
    haml-rails (0.3.4)
      actionpack (~> 3.0)
      activesupport (~> 3.0)
      haml (~> 3.0)
      railties (~> 3.0)
    hashie (0.4.0)
    heroku (1.14.10)
      json_pure (>= 1.2.0, < 1.5.0)
      launchy (~> 0.3.2)
      rest-client (>= 1.4.0, < 1.7.0)
    heroku_san (1.0.6)
      heroku
    i18n (0.5.0)
    jquery-rails (0.2.6)
      rails (~> 3.0)
      thor (~> 0.14.4)
    json_pure (1.4.6)
    launchy (0.3.7)
      configuration (>= 0.0.5)
      rake (>= 0.8.1)
    mail (2.2.12)
      activesupport (>= 2.3.6)
      i18n (>= 0.4.0)
      mime-types (~> 1.16)
      treetop (~> 1.4.8)
    mime-types (1.16)
    moretea-awesome_nested_set (1.4.3.1)
      activerecord (~> 3.0.0)
    multi_json (0.0.5)
    multi_xml (0.2.0)
    multipart-post (1.0.1)
    mysql2 (0.2.6)
    polyglot (0.3.1)
    rack (1.2.1)
    rack-cache (0.5.3)
      rack (>= 0.4)
    rack-mount (0.6.13)
      rack (>= 1.0.0)
    rack-test (0.5.6)
      rack (>= 1.0)
    rails (3.0.3)
      actionmailer (= 3.0.3)
      actionpack (= 3.0.3)
      activerecord (= 3.0.3)
      activeresource (= 3.0.3)
      activesupport (= 3.0.3)
      bundler (~> 1.0)
      railties (= 3.0.3)
    rails3-generators (0.17.0)
      railties (>= 3.0.0)
    railties (3.0.3)
      actionpack (= 3.0.3)
      activesupport (= 3.0.3)
      rake (>= 0.8.7)
      thor (~> 0.14.4)
    rake (0.8.7)
    rdoc (2.5.11)
    refinerycms (0.9.8.8)
      acts_as_indexed (~> 0.6.6)
      authlogic (~> 2.1.6)
      bundler (~> 1.0.0)
      dragonfly (~> 0.8.1)
      friendly_id (~> 3.1.6)
      moretea-awesome_nested_set (= 1.4.3.1)
      rack-cache (~> 0.5.2)
      rails (~> 3.0.3)
      rdoc (>= 2.5.11)
      truncate_html (= 0.4)
      will_paginate (~> 3.0.pre)
    refinerycms-i18n (0.9.8.12)
      refinerycms (>= 0.9.8)
      routing-filter (~> 0.1.6)
    refinerycms-inquiries (0.9.9.7)
      filters_spam (~> 0.2)
    rest-client (1.6.1)
      mime-types (>= 1.16)
    routing-filter (0.1.7)
      actionpack
    simple_oauth (0.1.3)
    thor (0.14.6)
    treetop (1.4.9)
      polyglot (>= 0.3.1)
    truncate_html (0.4.0)
    twitter (1.0.0)
      faraday (~> 0.5.3)
      faraday_middleware (~> 0.3.0)
      hashie (~> 0.4.0)
      multi_json (~> 0.0.5)
      multi_xml (~> 0.2.0)
      simple_oauth (~> 0.1.2)
    tzinfo (0.3.23)
    will_paginate (3.0.pre2)
    xml-simple (1.0.12)

PLATFORMS
  ruby

DEPENDENCIES
  aws-s3
  compass
  haml-rails
  heroku_san
  jquery-rails
  mysql2
  rails (= 3.0.3)
  rails3-generators
  refinerycms (~> 0.9.8.8)
  refinerycms-artists (= 1.0)!
  refinerycms-books (= 1.0)!
  refinerycms-galleries (= 0.4)!
  refinerycms-i18n (~> 0.9)
  refinerycms-inquiries (~> 0.9)
  refinerycms-writers (= 1.0)!
  twitter
